GIT
  remote: git@github.com:uswitch/uswitchci.git
  revision: 47e675c7ebd74dd0b22ab1f8bb9bb55b71c74e79
  specs:
    uswitchci (0.0.1)
      aws-sdk (>= 1.58.0)
      deb-s3 (>= 0.6.2)

GEM
  remote: http://rubygems.org/
  specs:
    CFPropertyList (2.2.8)
    addressable (2.3.7)
    arr-pm (0.0.9)
      cabin (> 0)
    aws-sdk (1.63.0)
      aws-sdk-v1 (= 1.63.0)
    aws-sdk-v1 (1.63.0)
      json (~> 1.4)
      nokogiri (>= 1.4.4)
    backports (3.6.4)
    cabin (0.7.1)
    childprocess (0.5.5)
      ffi (~> 1.0, >= 1.0.11)
    clamp (0.6.4)
    deb-s3 (0.6.2)
      aws-sdk (~> 1.18)
      thor (~> 0.18.0)
    facter (2.4.1)
      CFPropertyList (~> 2.2.6)
    ffi (1.9.6)
    fpm (1.3.3)
      arr-pm (~> 0.0.9)
      backports (>= 2.6.2)
      cabin (>= 0.6.0)
      childprocess
      clamp (~> 0.6)
      ffi
      json (>= 1.7.7)
    fpm-cookery (0.26.1)
      addressable
      facter
      fpm (~> 1.1)
      puppet (>= 3.4.3)
      systemu
    hiera (1.3.4)
      json_pure
    json (1.8.2)
    json_pure (1.8.2)
    mini_portile (0.6.2)
    nokogiri (1.6.6.2)
      mini_portile (~> 0.6.0)
    puppet (3.7.4)
      facter (> 1.6, < 3)
      hiera (~> 1.0)
      json_pure
    rake (10.4.2)
    systemu (2.6.4)
    thor (0.18.1)

PLATFORMS
  ruby

DEPENDENCIES
  deb-s3
  fpm-cookery
  rake
  uswitchci!
